PATH
  remote: .
  specs:
    typophic (1.0.0)
      listen (~> 3.0)
      logger
      ostruct
      psych (>= 4.0)

GEM
  remote: https://rubygems.org/
  specs:
    date (3.5.0)
    ffi (1.17.2)
    ffi (1.17.2-arm64-darwin)
    listen (3.9.0)
      rb-fsevent (~> 0.10, >= 0.10.3)
      rb-inotify (~> 0.9, >= 0.9.10)
    logger (1.7.0)
    ostruct (0.6.3)
    psych (5.2.6)
      date
      stringio
    rake (13.3.1)
    rb-fsevent (0.11.2)
    rb-inotify (0.11.1)
      ffi (~> 1.0)
    stringio (3.1.7)
    webrick (1.9.1)

PLATFORMS
  arm64-darwin

DEPENDENCIES
  listen (~> 3.0)
  rake
  typophic!
  webrick

BUNDLED WITH
   2.7.2
